GEM
  remote: http://rubygems.org/
  specs:
    hpricot (0.8.6)
    optiflag (0.7)

PLATFORMS
  ruby

DEPENDENCIES
  hpricot
  optiflag
